GEM
  remote: https://rubygems.org/
  specs:
    bitters (0.9.3)
      bourbon (>= 3.1)
      sass (>= 3.2)
      thor
    bourbon (3.1.8)
      sass (>= 3.2.0)
      thor
    dotenv (0.9.0)
    foreman (0.63.0)
      dotenv (>= 0.7)
      thor (>= 0.13.6)
    neat (1.5.0)
      bourbon (>= 2.1)
      sass (>= 3.2)
    sass (3.3.3)
    thor (0.18.1)

PLATFORMS
  ruby

DEPENDENCIES
  bitters
  bourbon
  foreman
  neat
